GIT
  remote: git@github.com:deivid-rodriguez/byebug.git
  revision: fead41cb53d349e11045a05cc804740089dbfa80
  ref: v11.1.0
  specs:
    byebug (11.1.0)

GEM
  remote: https://rubygems.org/
  specs:
    business (2.2.1)

PLATFORMS
  ruby

DEPENDENCIES
  business (~> 2.2.1)
  byebug!

BUNDLED WITH
   1.17.3
