GEM
  remote: https://rubygems.org/
  specs:
    business (1.0.0)
    byebug (11.1.3)

PLATFORMS
  ruby

DEPENDENCIES
  business (~> 1.0.0)
  byebug

BUNDLED WITH
   1.17.3
